PATH
  remote: /home/gaffneyc/dev/rails
  specs:
    actioncable (6.0.0.alpha)
      actionpack (= 6.0.0.alpha)
      nio4r (~> 2.0)
      websocket-driver (>= 0.6.1)
    actionmailer (6.0.0.alpha)
      actionpack (= 6.0.0.alpha)
      actionview (= 6.0.0.alpha)
      activejob (= 6.0.0.alpha)
      mail (~> 2.5, >= 2.5.4)
      rails-dom-testing (~> 2.0)
    actionpack (6.0.0.alpha)
      actionview (= 6.0.0.alpha)
      activesupport (= 6.0.0.alpha)
      rack (~> 2.0)
      rack-test (>= 0.6.3)
      rails-dom-testing (~> 2.0)
      rails-html-sanitizer (~> 1.0, >= 1.0.2)
    actionview (6.0.0.alpha)
      activesupport (= 6.0.0.alpha)
      builder (~> 3.1)
      erubi (~> 1.4)
      rails-dom-testing (~> 2.0)
      rails-html-sanitizer (~> 1.0, >= 1.0.3)
    activejob (6.0.0.alpha)
      activesupport (= 6.0.0.alpha)
      globalid (>= 0.3.6)
    activemodel (6.0.0.alpha)
      activesupport (= 6.0.0.alpha)
    activerecord (6.0.0.alpha)
      activemodel (= 6.0.0.alpha)
      activesupport (= 6.0.0.alpha)
    activestorage (6.0.0.alpha)
      actionpack (= 6.0.0.alpha)
      activerecord (= 6.0.0.alpha)
      marcel (~> 0.3.1)
    activesupport (6.0.0.alpha)
      concurrent-ruby (~> 1.0, >= 1.0.2)
      i18n (>= 0.7, < 2)
      minitest (~> 5.1)
      tzinfo (~> 1.1)
    rails (6.0.0.alpha)
      actioncable (= 6.0.0.alpha)
      actionmailer (= 6.0.0.alpha)
      actionpack (= 6.0.0.alpha)
      actionview (= 6.0.0.alpha)
      activejob (= 6.0.0.alpha)
      activemodel (= 6.0.0.alpha)
      activerecord (= 6.0.0.alpha)
      activestorage (= 6.0.0.alpha)
      activesupport (= 6.0.0.alpha)
      bundler (>= 1.3.0)
      railties (= 6.0.0.alpha)
      sprockets-rails (>= 2.0.0)
    railties (6.0.0.alpha)
      actionpack (= 6.0.0.alpha)
      activesupport (= 6.0.0.alpha)
      method_source
      rake (>= 0.8.7)
      thor (>= 0.19.0, < 2.0)

GEM
  remote: https://rubygems.org/
  specs:
    bootsnap (1.4.6)
      msgpack (~> 1.0)
    builder (3.2.4)
    concurrent-ruby (1.1.6)
    connection_pool (2.2.2)
    crass (1.0.6)
    diff-lcs (1.3)
    erubi (1.9.0)
    globalid (0.4.2)
      activesupport (>= 4.2.0)
    i18n (1.8.2)
      concurrent-ruby (~> 1.0)
    loofah (2.4.0)
      crass (~> 1.0.2)
      nokogiri (>= 1.5.9)
    mail (2.7.1)
      mini_mime (>= 0.1.1)
    marcel (0.3.3)
      mimemagic (~> 0.3.2)
    method_source (1.0.0)
    mimemagic (0.3.4)
    mini_mime (1.0.2)
    mini_portile2 (2.4.0)
    minitest (5.14.0)
    msgpack (1.3.3)
    nio4r (2.5.2)
    nokogiri (1.10.9)
      mini_portile2 (~> 2.4.0)
    rack (2.2.2)
    rack-protection (2.0.8.1)
      rack
    rack-test (1.1.0)
      rack (>= 1.0, < 3)
    rails-dom-testing (2.0.3)
      activesupport (>= 4.2.0)
      nokogiri (>= 1.6)
    rails-html-sanitizer (1.3.0)
      loofah (~> 2.3)
    rake (13.0.1)
    redis (4.1.3)
    rspec-core (3.9.1)
      rspec-support (~> 3.9.1)
    rspec-expectations (3.9.1)
      diff-lcs (>= 1.2.0, < 2.0)
      rspec-support (~> 3.9.0)
    rspec-mocks (3.9.1)
      diff-lcs (>= 1.2.0, < 2.0)
      rspec-support (~> 3.9.0)
    rspec-rails (4.0.0)
      actionpack (>= 4.2)
      activesupport (>= 4.2)
      railties (>= 4.2)
      rspec-core (~> 3.9)
      rspec-expectations (~> 3.9)
      rspec-mocks (~> 3.9)
      rspec-support (~> 3.9)
    rspec-support (3.9.2)
    sidekiq (6.0.6)
      connection_pool (>= 2.2.2)
      rack (~> 2.0)
      rack-protection (>= 2.0.0)
      redis (>= 4.1.0)
    sprockets (4.0.0)
      concurrent-ruby (~> 1.0)
      rack (> 1, < 3)
    sprockets-rails (3.2.1)
      actionpack (>= 4.0)
      activesupport (>= 4.0)
      sprockets (>= 3.0.0)
    sqlite3 (1.4.2)
    thor (1.0.1)
    thread_safe (0.3.6)
    tzinfo (1.2.6)
      thread_safe (~> 0.1)
    websocket-driver (0.7.1)
      websocket-extensions (>= 0.1.0)
    websocket-extensions (0.1.4)

PLATFORMS
  ruby

DEPENDENCIES
  bootsnap
  rails!
  rspec-rails
  sidekiq
  sqlite3

RUBY VERSION
   ruby 2.6.6p146

BUNDLED WITH
   2.1.4
